GEM
  remote: https://rubygems.org/
  specs:
    coderay (1.1.3)
    dotenv (3.1.4)
    faraday (2.12.1)
      faraday-net_http (>= 2.0, < 3.5)
      json
      logger
    faraday-net_http (3.4.0)
      net-http (>= 0.5.0)
    json (2.9.0)
    logger (1.6.2)
    method_source (1.1.0)
    net-http (0.6.0)
      uri
    pry (0.15.0)
      coderay (~> 1.1)
      method_source (~> 1.0)
    uri (1.0.2)

PLATFORMS
  arm64-darwin-24
  ruby

DEPENDENCIES
  dotenv
  faraday
  pry

BUNDLED WITH
   2.5.16
